PATH
  remote: .
  specs:
    gemfury (0.3.1)
      faraday (~> 0.7.4)
      faraday_middleware (~> 0.7.0)
      highline (~> 1.6.0)
      launchy (~> 0.4.0)
      multi_json (~> 1.0.2)
      thor (~> 0.14.0)

GEM
  remote: http://rubygems.org/
  specs:
    addressable (2.2.6)
    configuration (1.3.1)
    crack (0.3.1)
    diff-lcs (1.1.3)
    faraday (0.7.4)
      addressable (~> 2.2.6)
      multipart-post (~> 1.1.0)
      rack (< 2, >= 1.1.0)
    faraday_middleware (0.7.0)
      faraday (~> 0.7.3)
    highline (1.6.2)
    launchy (0.4.0)
      configuration (>= 0.0.5)
      rake (>= 0.8.1)
    multi_json (1.0.3)
    multipart-post (1.1.3)
    rack (1.3.3)
    rake (0.8.7)
    rspec (2.6.0)
      rspec-core (~> 2.6.0)
      rspec-expectations (~> 2.6.0)
      rspec-mocks (~> 2.6.0)
    rspec-core (2.6.4)
    rspec-expectations (2.6.0)
      diff-lcs (~> 1.1.2)
    rspec-mocks (2.6.0)
    thor (0.14.6)
    webmock (1.7.6)
      addressable (> 2.2.5, ~> 2.2)
      crack (>= 0.1.7)

PLATFORMS
  ruby

DEPENDENCIES
  gemfury!
  multi_json
  rake (~> 0.8.7)
  rspec (~> 2.6.0)
  webmock (~> 1.7.4)
